GIT
  remote: git://github.com/seyhunak/twitter-bootstrap-rails.git
  revision: f634e07d9c567e8e46abf95355514956121923d5
  specs:
    twitter-bootstrap-rails (2.2.8)
      actionpack (>= 3.1)
      execjs
      rails (>= 3.1)
      railties (>= 3.1)

GIT
  remote: git://github.com/thoughtbot/paperclip.git
  revision: 6ac2509923ebad5a8c2caf23891d4d1bd99e6cdc
  specs:
    paperclip (3.5.2)
      activemodel (>= 3.0.0)
      activesupport (>= 3.0.0)
      cocaine (~> 0.5.3)
      mime-types

GEM
  remote: https://rubygems.org/
  specs:
    actionmailer (4.0.0)
      actionpack (= 4.0.0)
      mail (~> 2.5.3)
    actionpack (4.0.0)
      activesupport (= 4.0.0)
      builder (~> 3.1.0)
      erubis (~> 2.7.0)
      rack (~> 1.5.2)
      rack-test (~> 0.6.2)
    activemodel (4.0.0)
      activesupport (= 4.0.0)
      builder (~> 3.1.0)
    activerecord (4.0.0)
      activemodel (= 4.0.0)
      activerecord-deprecated_finders (~> 1.0.2)
      activesupport (= 4.0.0)
      arel (~> 4.0.0)
    activerecord-deprecated_finders (1.0.3)
    activesupport (4.0.0)
      i18n (~> 0.6, >= 0.6.4)
      minitest (~> 4.2)
      multi_json (~> 1.3)
      thread_safe (~> 0.1)
      tzinfo (~> 0.3.37)
    addressable (2.3.5)
    arel (4.0.1)
    atomic (1.1.14)
    aws-sdk (1.31.3)
      json (~> 1.4)
      nokogiri (>= 1.4.4)
      uuidtools (~> 2.1)
    bcrypt-ruby (3.0.1)
    buftok (0.2.0)
    builder (3.1.4)
    cancan (1.6.10)
    climate_control (0.0.3)
      activesupport (>= 3.0)
    cocaine (0.5.3)
      climate_control (>= 0.0.3, < 1.0)
    coffee-rails (4.0.1)
      coffee-script (>= 2.2.0)
      railties (>= 4.0.0, < 5.0)
    coffee-script (2.2.0)
      coffee-script-source
      execjs
    coffee-script-source (1.6.3)
    delayed_job (4.0.0)
      activesupport (>= 3.0, < 4.1)
    delayed_job_active_record (4.0.0)
      activerecord (>= 3.0, < 4.1)
      delayed_job (>= 3.0, < 4.1)
    descendants_tracker (0.0.3)
    devise (3.2.2)
      bcrypt-ruby (~> 3.0)
      orm_adapter (~> 0.1)
      railties (>= 3.2.6, < 5)
      thread_safe (~> 0.1)
      warden (~> 1.2.3)
    diff-lcs (1.2.5)
    equalizer (0.0.9)
    erubis (2.7.0)
    execjs (2.0.2)
    faraday (0.8.8)
      multipart-post (~> 1.2.0)
    hashie (2.0.5)
    hike (1.2.3)
    http (0.5.0)
      http_parser.rb
    http_parser.rb (0.6.0)
    httpauth (0.2.0)
    i18n (0.6.9)
    jbuilder (1.5.3)
      activesupport (>= 3.0.0)
      multi_json (>= 1.2.0)
    jquery-rails (3.0.4)
      railties (>= 3.0, < 5.0)
      thor (>= 0.14, < 2.0)
    jquery-turbolinks (2.0.1)
      railties (>= 3.1.0)
      turbolinks
    jquery-ui-rails (4.1.1)
      railties (>= 3.1.0)
    json (1.8.1)
    jwt (0.1.8)
      multi_json (>= 1.5)
    libv8 (3.16.14.3)
    mail (2.5.4)
      mime-types (~> 1.16)
      treetop (~> 1.4.8)
    memoizable (0.4.0)
      thread_safe (~> 0.1.3)
    mime-types (1.25.1)
    mini_portile (0.5.2)
    minitest (4.7.5)
    multi_json (1.8.2)
    multipart-post (1.2.0)
    nokogiri (1.6.1)
      mini_portile (~> 0.5.0)
    oauth (0.4.7)
    oauth2 (0.8.1)
      faraday (~> 0.8)
      httpauth (~> 0.1)
      jwt (~> 0.1.4)
      multi_json (~> 1.0)
      rack (~> 1.2)
    omniauth (1.1.4)
      hashie (>= 1.2, < 3)
      rack
    omniauth-google-oauth2 (0.2.2)
      omniauth (~> 1.0)
      omniauth-oauth2
    omniauth-oauth2 (1.1.1)
      oauth2 (~> 0.8.0)
      omniauth (~> 1.0)
    orm_adapter (0.5.0)
    permanent_records (3.1.6)
      activerecord (>= 3.0.0)
    pg (0.17.1)
    polyglot (0.3.3)
    public_activity (1.4.1)
      actionpack (>= 3.0.0)
      activerecord (>= 3.0)
      i18n (>= 0.5.0)
      railties (>= 3.0.0)
    rack (1.5.2)
    rack-test (0.6.2)
      rack (>= 1.0)
    rails (4.0.0)
      actionmailer (= 4.0.0)
      actionpack (= 4.0.0)
      activerecord (= 4.0.0)
      activesupport (= 4.0.0)
      bundler (>= 1.3.0, < 2.0)
      railties (= 4.0.0)
      sprockets-rails (~> 2.0.0)
    rails-observers (0.1.2)
      activemodel (~> 4.0)
    rails_12factor (0.0.2)
      rails_serve_static_assets
      rails_stdout_logging
    rails_serve_static_assets (0.0.2)
    rails_stdout_logging (0.0.3)
    railties (4.0.0)
      actionpack (= 4.0.0)
      activesupport (= 4.0.0)
      rake (>= 0.8.7)
      thor (>= 0.18.1, < 2.0)
    rake (10.1.1)
    rdoc (3.12.2)
      json (~> 1.4)
    ref (1.0.5)
    rspec (2.14.1)
      rspec-core (~> 2.14.0)
      rspec-expectations (~> 2.14.0)
      rspec-mocks (~> 2.14.0)
    rspec-core (2.14.7)
    rspec-expectations (2.14.4)
      diff-lcs (>= 1.1.3, < 2.0)
    rspec-mocks (2.14.4)
    rspec-rails (2.14.1)
      actionpack (>= 3.0)
      activemodel (>= 3.0)
      activesupport (>= 3.0)
      railties (>= 3.0)
      rspec-core (~> 2.14.0)
      rspec-expectations (~> 2.14.0)
      rspec-mocks (~> 2.14.0)
    sass (3.2.13)
    sass-rails (4.0.1)
      railties (>= 4.0.0, < 5.0)
      sass (>= 3.1.10)
      sprockets-rails (~> 2.0.0)
    sdoc (0.3.20)
      json (>= 1.1.3)
      rdoc (~> 3.10)
    shoulda-matchers (2.4.0)
      activesupport (>= 3.0.0)
    simple_oauth (0.2.0)
    sprockets (2.10.1)
      hike (~> 1.2)
      multi_json (~> 1.0)
      rack (~> 1.0)
      tilt (~> 1.1, != 1.3.0)
    sprockets-rails (2.0.1)
      actionpack (>= 3.0)
      activesupport (>= 3.0)
      sprockets (~> 2.8)
    state_machine (1.2.0)
    therubyracer (0.12.0)
      libv8 (~> 3.16.14.0)
      ref
    thor (0.18.1)
    thread_safe (0.1.3)
      atomic
    tilt (1.4.1)
    treetop (1.4.15)
      polyglot
      polyglot (>= 0.3.1)
    turbolinks (2.1.0)
      coffee-rails
    twitter (5.4.1)
      addressable (~> 2.3)
      buftok (~> 0.2.0)
      descendants_tracker (~> 0.0.3)
      equalizer (~> 0.0.9)
      faraday (>= 0.8, < 0.10)
      http (~> 0.5.0)
      http_parser.rb (~> 0.6.0)
      json (~> 1.8)
      memoizable (~> 0.4.0)
      simple_oauth (~> 0.2.0)
    twitter_oauth (0.4.94)
      json (>= 1.8.0)
      mime-types (>= 1.16)
      oauth (>= 0.4.7)
    tzinfo (0.3.38)
    uglifier (2.4.0)
      execjs (>= 0.3.0)
      json (>= 1.8.0)
    uuidtools (2.1.4)
    warden (1.2.3)
      rack (>= 1.0)
    webrat (0.7.2)
      nokogiri (>= 1.2.0)
      rack (>= 1.0)
      rack-test (>= 0.5.3)

PLATFORMS
  ruby

DEPENDENCIES
  aws-sdk
  bcrypt-ruby (~> 3.0.0)
  cancan
  coffee-rails (~> 4.0.0)
  delayed_job_active_record
  devise
  jbuilder (~> 1.2)
  jquery-rails
  jquery-turbolinks
  jquery-ui-rails
  omniauth-google-oauth2
  paperclip!
  permanent_records
  pg
  public_activity
  rails (= 4.0.0)
  rails-observers
  rails_12factor
  rspec (~> 2.14.1)
  rspec-rails (~> 2.14.0)
  sass-rails (~> 4.0.0)
  sdoc
  shoulda-matchers
  state_machine
  therubyracer
  turbolinks
  twitter
  twitter-bootstrap-rails!
  twitter_oauth
  uglifier (>= 1.3.0)
  webrat (= 0.7.2)
